GEM
  remote: https://rubygems.org/
  specs:
    airbrussh (1.3.0)
      sshkit (>= 1.6.1, != 1.7.0)
    capistrano (3.6.1)
      airbrussh (>= 1.0.0)
      capistrano-harrow
      i18n
      rake (>= 10.0.0)
      sshkit (>= 1.9.0)
    capistrano-harrow (0.5.3)
    capistrano-phpcachetool (0.0.2)
    capistrano-rsync-bladrak (1.4.2)
      capistrano (>= 3.0.0.pre14, < 4)
    capistrano-scm-copy (0.7.0)
      capistrano (~> 3.0)
    concurrent-ruby (1.0.5)
    i18n (1.0.1)
      concurrent-ruby (~> 1.0)
    net-scp (1.2.1)
      net-ssh (>= 2.6.5)
    net-ssh (5.0.1)
    rake (12.3.1)
    sshkit (1.16.1)
      net-scp (>= 1.1.2)
      net-ssh (>= 2.8.0)

PLATFORMS
  ruby

DEPENDENCIES
  capistrano (~> 3.6.1)
  capistrano-phpcachetool
  capistrano-rsync-bladrak (~> 1.4.2)
  capistrano-scm-copy

BUNDLED WITH
   1.16.1
